GEM
  remote: https://rubygems.org/
  specs:
    byebug (11.1.3)
    coderay (1.1.3)
    method_source (1.0.0)
    mini_portile2 (2.8.4)
    nokogiri (1.15.4)
      mini_portile2 (~> 2.8.2)
      racc (~> 1.4)
    pry (0.14.2)
      coderay (~> 1.1)
      method_source (~> 1.0)
    pry-byebug (3.10.1)
      byebug (~> 11.0)
      pry (>= 0.13, < 0.15)
    racc (1.7.1)

PLATFORMS
  ruby

DEPENDENCIES
  nokogiri (~> 1.15, >= 1.15.4)
  pry-byebug

BUNDLED WITH
   2.2.16
